GEM
  remote: https://private-gems.liveramp.net/
  specs:
    artifactory (2.8.2)
    colorize (0.8.1)
    kube_deploy_tools (2.2.26)
      artifactory (~> 2.0)
      colorize (~> 0.8)

PLATFORMS
  ruby

DEPENDENCIES
  kube_deploy_tools (~> 2)!

BUNDLED WITH
   1.17.3
